GEM
  remote: https://rubygems.org/
  specs:
    bigdecimal (3.1.9)
    diff-lcs (1.6.2)
    json (2.12.0)
    logger (1.7.0)
    mini_portile2 (2.8.9)
    nio4r (2.7.4)
    puma (6.6.0)
      nio4r (~> 2.0)
    rack (3.1.14)
    rack-test (2.2.0)
      rack (>= 1.3)
    rackup (2.2.1)
      rack (>= 3)
    rake (13.2.1)
    roda (3.92.0)
      rack
    rspec (3.13.0)
      rspec-core (~> 3.13.0)
      rspec-expectations (~> 3.13.0)
      rspec-mocks (~> 3.13.0)
    rspec-core (3.13.3)
      rspec-support (~> 3.13.0)
    rspec-expectations (3.13.4)
      diff-lcs (>= 1.2.0, < 2.0)
      rspec-support (~> 3.13.0)
    rspec-mocks (3.13.4)
      diff-lcs (>= 1.2.0, < 2.0)
      rspec-support (~> 3.13.0)
    rspec-support (3.13.3)
    sequel (5.92.0)
      bigdecimal
    sqlite3 (2.6.0)
      mini_portile2 (~> 2.8.0)

PLATFORMS
  ruby

DEPENDENCIES
  json
  logger
  puma
  rack-test
  rackup
  rake
  roda
  rspec
  sequel
  sqlite3

BUNDLED WITH
   2.6.8
